GEM
  remote: https://rubygems.org/
  specs:
    activesupport (5.2.2)
      concurrent-ruby (~> 1.0, >= 1.0.2)
      i18n (>= 0.7, < 2)
      minitest (~> 5.1)
      tzinfo (~> 1.1)
    addressable (2.6.0)
      public_suffix (>= 2.0.2, < 4.0)
    chronic (0.10.2)
    colorator (1.1.0)
    colorize (0.8.1)
    concurrent-ruby (1.1.4)
    daemons (1.3.1)
    declarative (0.0.10)
    declarative-option (0.1.0)
    dotenv (2.6.0)
    em-websocket (0.5.1)
      eventmachine (>= 0.12.9)
      http_parser.rb (~> 0.6.0)
    ethon (0.12.0)
      ffi (>= 1.3.0)
    eventmachine (1.0.9.1)
    faraday (0.15.4)
      multipart-post (>= 1.2, < 3)
    ffi (1.10.0)
    forwardable-extended (2.6.0)
    geocoder (1.5.1)
    google-api-client (0.25.0)
      addressable (~> 2.5, >= 2.5.1)
      googleauth (>= 0.5, < 0.7.0)
      httpclient (>= 2.8.1, < 3.0)
      mime-types (~> 3.0)
      representable (~> 3.0)
      retriable (>= 2.0, < 4.0)
      signet (~> 0.10)
    google_drive (3.0.1)
      google-api-client (>= 0.11.0, < 0.26.0)
      googleauth (>= 0.5.0, < 1.0.0)
      nokogiri (>= 1.5.3, < 2.0.0)
    googleauth (0.6.7)
      faraday (~> 0.12)
      jwt (>= 1.4, < 3.0)
      memoist (~> 0.16)
      multi_json (~> 1.11)
      os (>= 0.9, < 2.0)
      signet (~> 0.7)
    html-proofer (3.10.2)
      activesupport (>= 4.2, < 6.0)
      addressable (~> 2.3)
      colorize (~> 0.8)
      mercenary (~> 0.3.2)
      nokogiri (~> 1.9)
      parallel (~> 1.3)
      typhoeus (~> 1.3)
      yell (~> 2.0)
    http_parser.rb (0.6.0)
    httpclient (2.8.3)
    i18n (0.9.5)
      concurrent-ruby (~> 1.0)
    jekyll (3.8.5)
      addressable (~> 2.4)
      colorator (~> 1.0)
      em-websocket (~> 0.5)
      i18n (~> 0.7)
      jekyll-sass-converter (~> 1.0)
      jekyll-watch (~> 2.0)
      kramdown (~> 1.14)
      liquid (~> 4.0)
      mercenary (~> 0.3.3)
      pathutil (~> 0.9)
      rouge (>= 1.7, < 4)
      safe_yaml (~> 1.0)
    jekyll-feed (0.11.0)
      jekyll (~> 3.3)
    jekyll-paginate (1.1.0)
    jekyll-redirect-from (0.14.0)
      jekyll (~> 3.3)
    jekyll-sass-converter (1.5.2)
      sass (~> 3.4)
    jekyll-sitemap (1.2.0)
      jekyll (~> 3.3)
    jekyll-watch (2.1.2)
      listen (~> 3.0)
    jwt (2.1.0)
    kramdown (1.17.0)
    liquid (4.0.1)
    listen (3.1.5)
      rb-fsevent (~> 0.9, >= 0.9.4)
      rb-inotify (~> 0.9, >= 0.9.7)
      ruby_dep (~> 1.2)
    mail (2.7.1)
      mini_mime (>= 0.1.1)
    mailcatcher (0.6.5)
      eventmachine (= 1.0.9.1)
      mail (~> 2.3)
      rack (~> 1.5)
      sinatra (~> 1.2)
      skinny (~> 0.2.3)
      sqlite3 (~> 1.3)
      thin (~> 1.5.0)
    memoist (0.16.0)
    mercenary (0.3.6)
    mime-types (3.2.2)
      mime-types-data (~> 3.2015)
    mime-types-data (3.2018.0812)
    mini_mime (1.0.1)
    mini_portile2 (2.4.0)
    minitest (5.11.3)
    multi_json (1.13.1)
    multipart-post (2.0.0)
    nokogiri (1.10.8)
      mini_portile2 (~> 2.4.0)
    os (1.0.0)
    parallel (1.13.0)
    pathutil (0.16.2)
      forwardable-extended (~> 2.6)
    public_suffix (3.0.3)
    ra11y (0.0.1)
      colorator
      parallel
    rack (1.6.11)
    rack-protection (1.5.5)
      rack
    rake (12.3.2)
    rb-fsevent (0.10.3)
    rb-inotify (0.10.0)
      ffi (~> 1.0)
    representable (3.0.4)
      declarative (< 0.1.0)
      declarative-option (< 0.2.0)
      uber (< 0.2.0)
    retriable (3.1.2)
    rouge (3.3.0)
    ruby_dep (1.5.0)
    safe_yaml (1.0.4)
    sass (3.7.3)
      sass-listen (~> 4.0.0)
    sass-listen (4.0.0)
      rb-fsevent (~> 0.9, >= 0.9.4)
      rb-inotify (~> 0.9, >= 0.9.7)
    signet (0.11.0)
      addressable (~> 2.3)
      faraday (~> 0.9)
      jwt (>= 1.5, < 3.0)
      multi_json (~> 1.10)
    sinatra (1.4.8)
      rack (~> 1.5)
      rack-protection (~> 1.4)
      tilt (>= 1.3, < 3)
    skinny (0.2.4)
      eventmachine (~> 1.0.0)
      thin (>= 1.5, < 1.7)
    sqlite3 (1.3.13)
    thin (1.5.1)
      daemons (>= 1.0.9)
      eventmachine (>= 0.12.6)
      rack (>= 1.0.0)
    thread_safe (0.3.6)
    tilt (2.0.9)
    typhoeus (1.3.1)
      ethon (>= 0.9.0)
    tzinfo (1.2.5)
      thread_safe (~> 0.1)
    uber (0.1.0)
    yell (2.0.7)

PLATFORMS
  ruby

DEPENDENCIES
  chronic
  colorize
  dotenv
  geocoder
  google_drive
  html-proofer
  jekyll
  jekyll-feed
  jekyll-paginate
  jekyll-redirect-from
  jekyll-sitemap
  mail
  mailcatcher
  ra11y
  rake

BUNDLED WITH
   1.16.6
